PATH
  remote: vendor/git
  specs:
    indifferent-variable-hash (0.1.0)
    rails-rack-adapter (1.0.1)
    rspec-custom-matchers (0.1.1)

GEM
  remote: http://rubygems.org/
  specs:
    actionmailer (2.3.4)
      actionpack (= 2.3.4)
    actionpack (2.3.4)
      activesupport (= 2.3.4)
      rack (~> 1.0.0)
    activerecord (2.3.4)
      activesupport (= 2.3.4)
    activeresource (2.3.4)
      activesupport (= 2.3.4)
    activesupport (2.3.4)
    biodiversity (0.7.3)
      json
      treetop
    biodiversity19 (0.7.3)
      treetop
    columnize (0.3.4)
    eol_rackbox (1.1.7)
    eol_scenarios (0.3.4)
    factory_girl (2.1.2)
      activesupport
    faker (1.0.1)
      i18n (~> 0.4)
    haml (3.1.3)
    i18n (0.6.0)
    json (1.6.1)
    linecache (0.46)
      rbx-require-relative (> 0.0.4)
    mysql (2.8.1)
    newrelic_rpm (3.1.2)
    nokogiri (1.5.0)
    polyglot (0.3.2)
    rack (1.0.1)
    rails (2.3.4)
      actionmailer (= 2.3.4)
      actionpack (= 2.3.4)
      activerecord (= 2.3.4)
      activeresource (= 2.3.4)
      activesupport (= 2.3.4)
      rake (>= 0.8.3)
    rake (0.9.2)
    rbx-require-relative (0.0.5)
    rmagick (2.13.1)
    rspec (1.3.2)
    rspec-rails (1.3.4)
      rack (>= 1.0.0)
      rspec (~> 1.3.1)
    ruby-debug (0.10.4)
      columnize (>= 0.1)
      ruby-debug-base (~> 0.10.4.0)
    ruby-debug-base (0.10.4)
      linecache (>= 0.3)
    sass (3.1.8)
    taxamatch_rb (0.7.6)
      biodiversity (~> 0.7.3)
      biodiversity19 (~> 0.7.3)
    treetop (1.4.10)
      polyglot
      polyglot (>= 0.3.1)
    will_paginate (3.0.2)

PLATFORMS
  ruby

DEPENDENCIES
  biodiversity (>= 0.5.16)
  eol_rackbox
  eol_scenarios
  factory_girl
  faker
  haml
  indifferent-variable-hash!
  json
  mysql
  newrelic_rpm
  nokogiri
  rails (= 2.3.4)
  rails-rack-adapter!
  rmagick
  rspec (~> 1.3.0)
  rspec-custom-matchers!
  rspec-rails (~> 1.3.2)
  ruby-debug
  sass
  taxamatch_rb (>= 0.6.4)
  will_paginate (>= 2.3.2)
